GEM
  remote: http://rubygems.org/
  specs:
    archive-tar-minitar (0.5.2)
    coderay (1.0.7)
    core-source (0.2.6)
    diff-lcs (1.1.3)
    jist (1.0.0)
      json
    json (1.7.4)
    method_source (0.8)
    mkmfmf (0.4)
    multi_json (1.3.6)
    pry (0.9.10)
      coderay (~> 1.0.5)
      method_source (~> 0.8)
      slop (~> 3.3.1)
    pry-doc (0.4.4)
      pry (>= 0.9.9.6)
      yard (~> 0.8.1)
    rake (0.9.2.2)
    rake-compiler (0.8.1)
      rake
    rspec (2.11.0)
      rspec-core (~> 2.11.0)
      rspec-expectations (~> 2.11.0)
      rspec-mocks (~> 2.11.0)
    rspec-core (2.11.1)
    rspec-expectations (2.11.1)
      diff-lcs (~> 1.1.3)
    rspec-mocks (2.11.1)
    sender (1.5.9)
      core-source
      mkmfmf
      rake-compiler
    simplecov (0.6.4)
      multi_json (~> 1.0)
      simplecov-html (~> 0.5.3)
    simplecov-html (0.5.3)
    slop (3.3.2)
    yard (0.8.2.1)

PLATFORMS
  ruby

DEPENDENCIES
  archive-tar-minitar (~> 0.5.2)
  jist (~> 1.0.0)
  pry (~> 0.9.10)
  pry-doc (~> 0.4.4)
  rake (~> 0.9.2.2)
  rspec (~> 2.11.0)
  sender (~> 1.5.9)
  simplecov (~> 0.6.4)
