GEM
  remote: http://rubygems.org/
  specs:
    archive-tar-minitar (0.5.2)
    core-source (0.2.6)
    diff-lcs (1.1.3)
    mkmfmf (0.4)
    rake (0.9.2.2)
    rake-compiler (0.8.1)
      rake
    rspec (2.11.0)
      rspec-core (~> 2.11.0)
      rspec-expectations (~> 2.11.0)
      rspec-mocks (~> 2.11.0)
    rspec-core (2.11.1)
    rspec-expectations (2.11.1)
      diff-lcs (~> 1.1.3)
    rspec-mocks (2.11.1)
    sender (1.5.9)
      core-source
      mkmfmf
      rake-compiler

PLATFORMS
  ruby

DEPENDENCIES
  archive-tar-minitar (~> 0.5.2)
  rake (~> 0.9.2.2)
  rspec (~> 2.11.0)
  sender (~> 1.5.9)
